PATH
  remote: ../nanoc-git
  specs:
    nanoc-git (0.0.7)
      git (>= 1.2.5)
      nanoc (>= 3.1.6)

GEM
  remote: https://rubygems.org/
  specs:
    adsf (1.1.1)
      rack (>= 1.0.0)
    colored (1.2)
    cri (2.3.0)
      colored (>= 1.2)
    git (1.2.5)
    haml (4.0.0)
      tilt
    nanoc (3.6.1)
      cri (~> 2.3)
    rack (1.5.1)
    rake (10.0.3)
    tilt (1.3.4)

PLATFORMS
  ruby

DEPENDENCIES
  adsf
  haml
  nanoc-git!
  rake
